GEM
  remote: https://rubygems.org/
  specs:
    ffi (1.11.1)
    guard (1.0.3)
      ffi (>= 0.5.0)
      thor (>= 0.14.6)
    guard-rake (0.0.7)
      guard
      rake
    notifier (0.5.2)
    rake (0.9.2.2)
    talks (0.4.1)
      notifier
    thor (0.15.2)

PLATFORMS
  ruby

DEPENDENCIES
  guard
  guard-rake
  talks
